GEM
  remote: https://rubygems.org/
  specs:
    coderay (1.0.9)
    coderay_bash (1.0.5)
      coderay (>= 1.0)
    daemons (1.1.9)
    directory_watcher (1.4.1)
    eventmachine (1.0.3)
    execjs (2.8.1)
    foreman (0.61.0)
      thor (>= 0.13.6)
    hike (1.2.3)
    json (2.6.3)
    libv8 (3.3.10.4)
    multi_json (1.15.0)
    rack (1.6.13)
    redcarpet (3.5.1)
    sass (3.2.6)
    slop (3.3.2)
    sprockets (2.12.5)
      hike (~> 1.2)
      multi_json (~> 1.0)
      rack (~> 1.0)
      tilt (~> 1.1, != 1.3.0)
    stasis (0.2.0)
      directory_watcher (= 1.4.1)
      slop (= 3.3.2)
      tilt (= 1.3.3)
    therubyracer (0.10.2)
      libv8 (~> 3.3.10)
    thin (1.5.1)
      daemons (>= 1.0.9)
      eventmachine (>= 0.12.6)
      rack (>= 1.0.0)
    thor (0.17.0)
    tilt (1.3.3)
    uglifier (2.7.2)
      execjs (>= 0.3.0)
      json (>= 1.8.0)

PLATFORMS
  ruby

DEPENDENCIES
  coderay
  coderay_bash
  foreman
  redcarpet
  sass
  sprockets
  stasis
  therubyracer
  thin
  uglifier
